GEM
  specs:
    actionmailer (2.3.11)
      actionpack (= 2.3.11)
    actionpack (2.3.11)
      activesupport (= 2.3.11)
      rack (~> 1.1.0)
    activerecord (2.3.11)
      activesupport (= 2.3.11)
    activeresource (2.3.11)
      activesupport (= 2.3.11)
    activesupport (2.3.11)
    desert (0.5.2)
    fastercsv (1.5.3)
    googlecharts (1.6.0)
    helperful (0.5.2)
    rack (1.1.3)
    rails (2.3.11)
      actionmailer (= 2.3.11)
      actionpack (= 2.3.11)
      activerecord (= 2.3.11)
      activeresource (= 2.3.11)
      activesupport (= 2.3.11)
      rake (>= 0.8.3)
    rails-settings (1.0.0)
    rake (0.8.7)
    text-format (1.0.0)
      text-hyphen (~> 1.0.0)
    text-hyphen (1.0.2)
    unicode (0.1)
    will_paginate (2.3.16)

PLATFORMS
  ruby

DEPENDENCIES
  desert (= 0.5.2)
  fastercsv (= 1.5.3)
  googlecharts (= 1.6.0)
  helperful (= 0.5.2)
  rails (= 2.3.11)
  rails-settings (= 1.0.0)
  text-format (= 1.0.0)
  unicode (= 0.1)
  will_paginate (= 2.3.16)
